ObjectType = Image
NDims = 3
BinaryData = True
BinaryDataByteOrderMSB = False
CompressedData = False
TransformMatrix = 1 0 0 0 1 0 0 0 1
Offset = -198.4375 -198.4375 0
CenterOfRotation = 0 0 0
AnatomicalOrientation = RAI
ElementSpacing = 3.125 3.125 5
DimSize = 128 128 1
ElementType = MET_DOUBLE
ElementDataFile = pixel_counts_counts.raw
